PATH
  remote: .
  specs:
    codecov (0.0.1)
      json
      simplecov-html
      url

GEM
  remote: https://rubygems.org/
  specs:
    docile (1.1.5)
    json (1.8.1)
    metaclass (0.0.4)
    mocha (0.14.0)
      metaclass (~> 0.0.1)
    multi_json (1.10.1)
    rake (10.3.2)
    simplecov (0.9.0)
      docile (~> 1.1.0)
      multi_json
      simplecov-html (~> 0.8.0)
    simplecov-html (0.8.0)
    url (0.3.2)

PLATFORMS
  ruby

DEPENDENCIES
  codecov!
  mocha
  rake
  simplecov
